GEM
  remote: https://rubygems.org/
  specs:
    newrelic_rpm (3.9.0.229)
    rack (1.5.2)
    sinatra (1.1.0)
      rack (~> 1.1)
      tilt (~> 1.1)
    tilt (1.4.1)

PLATFORMS
  ruby

DEPENDENCIES
  newrelic_rpm
  sinatra (= 1.1.0)
